GEM
  remote: https://rubygems.org/
  specs:
    dotenv (1.0.2)
    exifr (1.2.0)

PLATFORMS
  ruby

DEPENDENCIES
  dotenv
  exifr
