GEM
  remote: https://rubygems.org/
  specs:
    mini_exiftool (2.5.1)

PLATFORMS
  ruby

DEPENDENCIES
  mini_exiftool
